PATH
  remote: .
  specs:
    litmus_resmail (0.0.1)
      hashie

GEM
  remote: http://rubygems.org/
  specs:
    diff-lcs (1.1.3)
    hashie (1.2.0)
    rspec (2.8.0)
      rspec-core (~> 2.8.0)
      rspec-expectations (~> 2.8.0)
      rspec-mocks (~> 2.8.0)
    rspec-core (2.8.0)
    rspec-expectations (2.8.0)
      diff-lcs (~> 1.1.2)
    rspec-mocks (2.8.0)

PLATFORMS
  ruby

DEPENDENCIES
  litmus_resmail!
  rspec
