PATH
  remote: .
  specs:
    litmus_resmail (0.0.2)
      hashie
      savon

GEM
  remote: http://rubygems.org/
  specs:
    akami (1.0.0)
      gyoku (>= 0.4.0)
    builder (3.0.0)
    diff-lcs (1.1.3)
    gyoku (0.4.4)
      builder (>= 2.1.2)
    hashie (1.2.0)
    httpi (0.9.5)
      rack
    metaclass (0.0.1)
    mocha (0.10.3)
      metaclass (~> 0.0.1)
    nokogiri (1.5.0)
    nori (1.0.2)
    rack (1.4.1)
    rspec (2.8.0)
      rspec-core (~> 2.8.0)
      rspec-expectations (~> 2.8.0)
      rspec-mocks (~> 2.8.0)
    rspec-core (2.8.0)
    rspec-expectations (2.8.0)
      diff-lcs (~> 1.1.2)
    rspec-mocks (2.8.0)
    savon (0.9.7)
      akami (~> 1.0)
      builder (>= 2.1.2)
      gyoku (>= 0.4.0)
      httpi (~> 0.9)
      nokogiri (>= 1.4.0)
      nori (~> 1.0)
      wasabi (~> 2.0)
    savon_spec (0.1.6)
      mocha (>= 0.9.8)
      rspec (>= 2.0.0)
      savon (>= 0.8.0)
    wasabi (2.0.0)
      nokogiri (>= 1.4.0)

PLATFORMS
  ruby

DEPENDENCIES
  litmus_resmail!
  rspec
  savon_spec
